GEM
  remote: https://rubygems.org/
  specs:
    crass (1.0.1)
    json (1.8.2)
    kramdown (1.5.0)
    kwalify (0.7.2)
    mail (2.6.3)
      mime-types (>= 1.16, < 3)
    mime-types (2.4.3)
    mini_portile (0.6.2)
    nokogiri (1.6.5)
      mini_portile (~> 0.6.0)
    nokogumbo (1.2.0)
      nokogiri
    power_assert (0.2.2)
    rake (10.4.2)
    rr (1.1.2)
    rubyzip (1.1.6)
    sanitize (3.1.0)
      crass (~> 1.0.1)
      nokogiri (>= 1.4.4)
      nokogumbo (= 1.2.0)
    shared-mime-info (0.2.5)
    test-unit (3.0.9)
      power_assert

PLATFORMS
  ruby

DEPENDENCIES
  bundler
  json
  kramdown
  kwalify
  mail
  rake
  rr
  rubyzip
  sanitize (~> 3.1)
  shared-mime-info
  test-unit
